GEM
  remote: http://rubygems.org/
  specs:
    childprocess (0.1.7)
      ffi (~> 0.6.3)
    ffi (0.6.3)
      rake (>= 0.8.7)
    json_pure (1.5.1)
    mechanize (1.0.0)
      nokogiri (>= 1.2.1)
    nokogiri (1.4.4)
    rake (0.8.7)
    rubyzip (0.9.4)
    selenium-webdriver (0.1.3)
      childprocess (~> 0.1.5)
      ffi (~> 0.6.3)
      json_pure
      rubyzip

PLATFORMS
  ruby

DEPENDENCIES
  mechanize
  selenium-webdriver
